GEM
  remote: http://rubygems.org/
  specs:
    columnize (0.3.6)
    debugger (1.1.3)
      columnize (>= 0.3.1)
      debugger-linecache (~> 1.1.1)
      debugger-ruby_core_source (~> 1.1.2)
    debugger-linecache (1.1.1)
      debugger-ruby_core_source (>= 1.1.1)
    debugger-ruby_core_source (1.1.2)
    ffi (1.0.11)
    inifile (1.1.0)
    minitest (2.12.1)
    minitest-colorize (0.0.4)
      minitest (~> 2.0)
    win32-api (1.4.8)
    win32-api (1.4.8-x86-mingw32)
    win32-dir (0.3.7)
      windows-pr (>= 1.0.9)
    windows-api (0.4.1)
      win32-api (>= 1.4.5)
    windows-pr (1.2.1)
      win32-api (>= 1.4.5)
      windows-api (>= 0.3.0)

PLATFORMS
  x86-mingw32

DEPENDENCIES
  debugger (~> 1.1.3)
  ffi
  inifile
  minitest-colorize (~> 0.0.4)
  win32-dir
